GEM
  remote: https://rubygems.org/
  specs:
    addressable (2.3.8)
    celluloid (0.16.0)
      timers (~> 4.0.0)
    clearbit (0.1.6)
      nestful (~> 1.0.7)
    coderay (1.1.0)
    crack (0.4.2)
      safe_yaml (~> 1.0.0)
    diff-lcs (1.2.5)
    dotenv (2.0.2)
    hitimes (1.2.2)
    method_source (0.8.2)
    minitest (5.8.0)
    minitest-hooks (1.2.0)
    nestful (1.0.7)
    plaid (1.6.1)
    pry (0.10.1)
      coderay (~> 1.1.0)
      method_source (~> 0.8.1)
      slop (~> 3.4)
    puma (2.13.4)
    rack (1.6.4)
    rack-protection (1.5.3)
      rack
    rack-test (0.6.3)
      rack (>= 1.0)
    rspec-mocks (3.3.1)
      diff-lcs (>= 1.2.0, < 2.0)
      rspec-support (~> 3.3.0)
    rspec-support (3.3.0)
    safe_yaml (1.0.4)
    sinatra (1.4.6)
      rack (~> 1.4)
      rack-protection (~> 1.4)
      tilt (>= 1.3, < 3)
    slop (3.6.0)
    tilt (2.0.1)
    timers (4.0.1)
      hitimes
    vcr (2.9.3)
    webmock (1.21.0)
      addressable (>= 2.3.6)
      crack (>= 0.3.2)

PLATFORMS
  ruby

DEPENDENCIES
  celluloid (~> 0.16)
  clearbit (~> 0.1)
  dotenv (~> 2.0)
  minitest (~> 5.8)
  minitest-hooks
  plaid (~> 1.6)
  pry
  puma (~> 2.13)
  rack-test
  rspec-mocks
  sinatra (~> 1.4)
  vcr
  webmock

BUNDLED WITH
   1.10.5
